GEM
  remote: http://rubygems.org/
  specs:
    json (1.7.3)
    nokogiri (1.5.4)
    rdoc (2.4.3)
    wpdoc (0.2.22)
      json (>= 1.1.3)
      rdoc (= 2.4.3)

PLATFORMS
  ruby

DEPENDENCIES
  nokogiri
  rdoc
  wpdoc
